PATH
  remote: .
  specs:
    chitchat (0.1.0)

GEM
  remote: http://rubygems.org/
  specs:
    diff-lcs (1.2.5)
    hoe (3.14.2)
      rake (>= 0.8, < 11.0)
    minitest (5.8.4)
    racc (1.4.13)
    rake (10.5.0)
    rexical (1.0.5)
    rspec (3.4.0)
      rspec-core (~> 3.4.0)
      rspec-expectations (~> 3.4.0)
      rspec-mocks (~> 3.4.0)
    rspec-core (3.4.4)
      rspec-support (~> 3.4.0)
    rspec-expectations (3.4.0)
      diff-lcs (>= 1.2.0, < 2.0)
      rspec-support (~> 3.4.0)
    rspec-mocks (3.4.1)
      diff-lcs (>= 1.2.0, < 2.0)
      rspec-support (~> 3.4.0)
    rspec-support (3.4.1)
    test-unit (1.2.3)
      hoe (>= 1.5.1)

PLATFORMS
  ruby

DEPENDENCIES
  bundler (~> 1.10)
  chitchat!
  minitest
  racc (= 1.4.13)
  rake (~> 10.0)
  rexical (= 1.0.5)
  rspec
  test-unit (= 1.2.3)

BUNDLED WITH
   1.11.2
